PATH
  remote: .
  specs:
    github-release-party (0.3.3)
      addressable (~> 2)
      rake (>= 12)

GEM
  remote: https://rubygems.org/
  specs:
    addressable (2.7.0)
      public_suffix (>= 2.0.2, < 5.0)
    public_suffix (4.0.1)
    rake (13.0.0)

PLATFORMS
  ruby

DEPENDENCIES
  github-release-party!

BUNDLED WITH
   1.17.2
