PATH
  remote: .
  specs:
    github-release-party (0.1.0)
      httparty (~> 0.13)

GEM
  remote: https://rubygems.org/
  specs:
    httparty (0.14.0)
      multi_xml (>= 0.5.2)
    multi_xml (0.6.0)
    rake (12.0.0)

PLATFORMS
  ruby

DEPENDENCIES
  github-release-party!
  rake (~> 12)

BUNDLED WITH
   1.13.6
