PATH
  remote: .
  specs:
    github-release-party (0.3.5)
      rake (>= 12)

GEM
  remote: https://rubygems.org/
  specs:
    rake (13.0.1)

PLATFORMS
  ruby

DEPENDENCIES
  github-release-party!

BUNDLED WITH
   1.17.2
