PATH
  remote: .
  specs:
    github-release-party (0.4.3)
      rake (>= 12)

GEM
  remote: https://rubygems.org/
  specs:
    rake (13.1.0)

PLATFORMS
  arm64-darwin-22

DEPENDENCIES
  github-release-party!

BUNDLED WITH
   2.4.19
