PATH
  remote: .
  specs:
    github-release-party (0.2.1)

GEM
  remote: https://rubygems.org/
  specs:
    rake (12.3.0)

PLATFORMS
  ruby

DEPENDENCIES
  github-release-party!
  rake (~> 12)

BUNDLED WITH
   1.16.0
