PATH
  remote: .
  specs:
    github-release-party (0.0.5)
      httparty (~> 0.13)

GEM
  remote: https://rubygems.org/
  specs:
    httparty (0.13.7)
      json (~> 1.8)
      multi_xml (>= 0.5.2)
    json (1.8.3)
    multi_xml (0.5.5)
    rake (11.1.1)

PLATFORMS
  ruby

DEPENDENCIES
  github-release-party!
  rake (>= 11.1.0)

BUNDLED WITH
   1.11.2
