PATH
  remote: .
  specs:
    github-release-party (0.2.1)

GEM
  remote: https://rubygems.org/
  specs:
    addressable (2.5.2)
      public_suffix (>= 2.0.2, < 4.0)
    public_suffix (3.0.2)
    rake (12.3.1)

PLATFORMS
  ruby

DEPENDENCIES
  addressable (~> 2)
  github-release-party!
  rake (~> 12)

BUNDLED WITH
   1.16.1
