PATH
  remote: .
  specs:
    github-release-party (0.3.2)
      addressable (~> 2)
      rake (~> 12)

GEM
  remote: https://rubygems.org/
  specs:
    addressable (2.5.2)
      public_suffix (>= 2.0.2, < 4.0)
    public_suffix (3.0.3)
    rake (12.3.2)

PLATFORMS
  ruby

DEPENDENCIES
  github-release-party!

BUNDLED WITH
   1.17.3
