PATH
  remote: .
  specs:
    github-release-party (0.4.2)
      rake (>= 12)

GEM
  remote: https://rubygems.org/
  specs:
    rake (13.0.6)

PLATFORMS
  ruby

DEPENDENCIES
  github-release-party!

BUNDLED WITH
   2.4.6
